GEM
  remote: http://rubygems.org/
  remote: http://rubygems.org/
  specs:
    coffee-script (2.2.0)
      coffee-script-source
      execjs
    coffee-script-source (1.2.0)
    execjs (1.3.0)
      multi_json (~> 1.0)
    json (1.6.5)
    multi_json (1.1.0)

PLATFORMS
  ruby

DEPENDENCIES
  coffee-script
  json
